GEM
  remote: https://rubygems.org/
  specs:
    dotenv (0.10.0)
    faraday (0.8.9)
      multipart-post (~> 1.2.0)
    faraday_middleware (0.9.0)
      faraday (>= 0.7.4, < 0.9)
    foursquare2 (1.9.7)
      faraday (~> 0.8)
      faraday_middleware (>= 0.8)
      hashie (>= 1.0, < 3.0.0)
    haml (4.0.5)
      tilt
    hashie (2.0.5)
    multipart-post (1.2.0)
    tilt (2.0.0)

PLATFORMS
  ruby

DEPENDENCIES
  dotenv
  foursquare2
  haml
